GEM
  remote: https://rubygems.org/
  specs:
    aws-eventstream (1.2.0)
    aws-partitions (1.813.0)
    aws-sdk-core (3.181.0)
      aws-eventstream (~> 1, >= 1.0.2)
      aws-partitions (~> 1, >= 1.651.0)
      aws-sigv4 (~> 1.5)
      jmespath (~> 1, >= 1.6.1)
    aws-sdk-dynamodb (1.93.1)
      aws-sdk-core (~> 3, >= 3.177.0)
      aws-sigv4 (~> 1.1)
    aws-sigv4 (1.6.0)
      aws-eventstream (~> 1, >= 1.0.2)
    jmespath (1.6.2)
    jwt (2.7.1)

PLATFORMS
  arm64-darwin-22

DEPENDENCIES
  aws-sdk-dynamodb (~> 1)
  jwt

RUBY VERSION
   ruby 3.2.0p0

BUNDLED WITH
   2.4.19
